GEM
  remote: http://rubygems.org/
  specs:
    bourne (1.4.0)
      mocha (~> 0.13.2)
    metaclass (0.0.1)
    mocha (0.13.3)
      metaclass (~> 0.0.1)

PLATFORMS
  ruby

DEPENDENCIES
  bourne
  mocha
